GEM
  remote: https://rubygems.org/
  specs:
    capistrano (3.4.0)
      i18n
      rake (>= 10.0.0)
      sshkit (~> 1.3)
    coderay (1.1.0)
    colorize (0.7.7)
    daemons (1.2.3)
    diff-lcs (1.2.5)
    eventmachine (1.0.7)
    forme (1.3.0)
    haml (4.0.6)
      tilt
    hiredis (0.6.0)
    i18n (0.7.0)
    method_source (0.8.2)
    msgpack (0.5.12)
    net-scp (1.2.1)
      net-ssh (>= 2.6.5)
    net-ssh (2.9.2)
    nido (0.0.1)
    ohm (2.2.1)
      msgpack (~> 0.5.0)
      nido
      redic
      stal
    ohm-contrib (2.2.0)
      ohm (~> 2.2)
    pessimize (0.1.0)
      bundler
      trollop
    pry (0.10.1)
      coderay (~> 1.1.0)
      method_source (~> 0.8.1)
      slop (~> 3.4)
    rack (1.6.4)
    rake (10.4.2)
    redic (1.5.0)
      hiredis
    roda (2.4.0)
      rack
    rspec (3.2.0)
      rspec-core (~> 3.2.0)
      rspec-expectations (~> 3.2.0)
      rspec-mocks (~> 3.2.0)
    rspec-core (3.2.3)
      rspec-support (~> 3.2.0)
    rspec-expectations (3.2.1)
      diff-lcs (>= 1.2.0, < 2.0)
      rspec-support (~> 3.2.0)
    rspec-mocks (3.2.1)
      diff-lcs (>= 1.2.0, < 2.0)
      rspec-support (~> 3.2.0)
    rspec-support (3.2.2)
    slop (3.6.0)
    sshkit (1.7.1)
      colorize (>= 0.7.0)
      net-scp (>= 1.1.2)
      net-ssh (>= 2.8.0)
    stal (0.1.0)
      redic
    thin (1.6.3)
      daemons (~> 1.0, >= 1.0.9)
      eventmachine (~> 1.0)
      rack (~> 1.0)
    tilt (2.0.1)
    trollop (2.1.2)

PLATFORMS
  ruby

DEPENDENCIES
  capistrano (~> 3.4.0)
  forme
  haml
  ohm (~> 2.2.1)
  ohm-contrib (~> 2.2.0)
  pessimize (~> 0.1.0)
  pry (~> 0.10.1)
  rake (~> 10.4.2)
  roda (~> 2.4.0)
  rspec (~> 3.2.0)
  thin (~> 1.6.3)
  tilt

BUNDLED WITH
   1.10.5
